GIT
  remote: git://github.com/pry/pry.git
  revision: c8d1c7adfd566d09caaa6c0cf9a51379b8e7e950
  specs:
    pry (0.9.11.3)
      coderay (~> 1.0.5)
      method_source (~> 0.8)
      slop (~> 3.4)

PATH
  remote: vendor/ffi-opengl
  specs:
    ffi-opengl (0.2.1)
      ffi (>= 0.3.0)

PATH
  remote: vendor/ffi-tcc
  specs:
    ffi-tcc (0.1.0)
      ffi (>= 0.4.0)

PATH
  remote: vendor/ruby_to_c
  specs:
    ruby2c (1.0.0.7)
      ruby_parser (~> 2.0)

GEM
  remote: http://rubygems.org/
  specs:
    coderay (1.0.9)
    ffi (1.7.0)
    formatador (0.2.4)
    guard (1.7.0)
      formatador (>= 0.2.4)
      listen (>= 0.6.0)
      lumberjack (>= 1.0.2)
      pry (>= 0.9.10)
      thor (>= 0.14.6)
    libnotify (0.8.0)
      ffi (>= 1.0.11)
    listen (0.7.3)
    lumberjack (1.0.3)
    method_source (0.8.1)
    nice-ffi (0.4)
      ffi (>= 0.5.0)
    nokogiri (1.5.9)
    rack (1.5.2)
    rake (10.0.4)
    rb-fchange (0.0.6)
      ffi
    rb-fsevent (0.9.3)
    rb-inotify (0.9.0)
      ffi (>= 0.5.0)
    redcarpet (2.2.2)
    ruby-sdl-ffi (0.4)
      nice-ffi (>= 0.2)
    ruby-units (1.4.2)
    ruby_parser (2.3.1)
      sexp_processor (~> 3.0)
    rubygame (2.6.4)
      rake (>= 0.7.0)
      ruby-sdl-ffi (>= 0.1.0)
    serialport (1.1.0)
    sexp_processor (3.2.0)
    slop (3.4.4)
    thor (0.18.1)
    yard (0.8.6.1)

PLATFORMS
  ruby

DEPENDENCIES
  ffi (~> 1.1)
  ffi-opengl!
  ffi-tcc!
  guard
  libnotify
  nokogiri
  pry!
  rack (~> 1.1)
  rake
  rb-fchange
  rb-fsevent
  rb-inotify (~> 0.9)
  redcarpet
  ruby-units
  ruby2c!
  rubygame
  serialport (~> 1.1)
  yard
