PATH
  remote: vendor/ffi-opengl
  specs:
    ffi-opengl (0.2.1)
      ffi (>= 0.3.0)

PATH
  remote: vendor/ffi-tcc
  specs:
    ffi-tcc (0.1.0)
      ffi (>= 0.4.0)

GEM
  remote: http://rubygems.org/
  specs:
    ffi (1.1.5)
    nokogiri (1.5.5)
    rake (0.9.2.2)
    serialport (1.1.0)

PLATFORMS
  ruby

DEPENDENCIES
  ffi (~> 1.1)
  ffi-opengl!
  ffi-tcc!
  nokogiri
  rake
  serialport (~> 1.1.0)
