GIT
  remote: git://github.com/pry/pry.git
  revision: c8d1c7adfd566d09caaa6c0cf9a51379b8e7e950
  specs:
    pry (0.9.11.3)
      coderay (~> 1.0.5)
      method_source (~> 0.8)
      slop (~> 3.4)

PATH
  remote: vendor/ffi-opengl
  specs:
    ffi-opengl (0.2.1)
      ffi (>= 0.3.0)

GEM
  remote: http://rubygems.org/
  specs:
    coderay (1.0.9)
    diff-lcs (1.1.3)
    ffi (1.7.0)
    formatador (0.2.4)
    guard (1.7.0)
      formatador (>= 0.2.4)
      listen (>= 0.6.0)
      lumberjack (>= 1.0.2)
      pry (>= 0.9.10)
      thor (>= 0.14.6)
    guard-shell (0.5.1)
      guard (>= 1.1.0)
    highline (1.6.18)
    libnotify (0.8.0)
      ffi (>= 1.0.11)
    listen (0.7.3)
    lumberjack (1.0.3)
    method_source (0.8.1)
    nice-ffi (0.4)
      ffi (>= 0.5.0)
    nokogiri (1.5.9)
    predicated (0.2.6)
    rack (1.5.2)
    rake (10.0.4)
    rb-fchange (0.0.6)
      ffi
    rb-fsevent (0.9.3)
    rb-inotify (0.9.0)
      ffi (>= 0.5.0)
    redcarpet (2.2.2)
    ruby-sdl-ffi (0.4)
      nice-ffi (>= 0.2)
    ruby-units (1.4.2)
    ruby2ruby (2.0.5)
      ruby_parser (~> 3.1)
      sexp_processor (~> 4.0)
    ruby_parser (3.1.3)
      sexp_processor (~> 4.1)
    rubygame (2.6.4)
      rake (>= 0.7.0)
      ruby-sdl-ffi (>= 0.1.0)
    serialport (1.1.0)
    sexp_processor (4.2.1)
    slop (3.4.4)
    thor (0.18.1)
    wrong (0.7.0)
      diff-lcs (~> 1.1.2)
      predicated (~> 0.2.6)
      ruby2ruby (>= 2.0.1)
      ruby_parser (>= 3.0.1)
      sexp_processor (>= 4.0)
    yard (0.8.6.1)

PLATFORMS
  ruby

DEPENDENCIES
  ffi (~> 1.1)
  ffi-opengl!
  guard
  guard-shell
  highline
  libnotify
  nokogiri
  pry!
  rack (~> 1.1)
  rake
  rb-fchange
  rb-fsevent
  rb-inotify (~> 0.9)
  redcarpet
  ruby-units
  rubygame
  serialport (~> 1.1)
  wrong (~> 0.7.0)
  yard
