PATH
  remote: vendor/ffi-opengl
  specs:
    ffi-opengl (0.2.1)
      ffi (>= 0.3.0)

GEM
  remote: http://rubygems.org/
  specs:
    celluloid (0.15.2)
      timers (~> 1.1.0)
    celluloid-io (0.15.0)
      celluloid (>= 0.15.0)
      nio4r (>= 0.5.0)
    coderay (1.1.0)
    diff-lcs (1.2.5)
    ffi (1.9.3)
    formatador (0.2.4)
    guard (2.5.1)
      formatador (>= 0.2.4)
      listen (~> 2.6)
      lumberjack (~> 1.0)
      pry (>= 0.9.12)
      thor (>= 0.18.1)
    guard-shell (0.6.1)
      guard (>= 1.1.0)
    libnotify (0.8.2)
      ffi (>= 1.0.11)
    listen (2.6.2)
      celluloid (>= 0.15.2)
      celluloid-io (>= 0.15.0)
      rb-fsevent (>= 0.9.3)
      rb-inotify (>= 0.9)
    lumberjack (1.0.4)
    method_source (0.8.2)
    mini_portile (0.5.2)
    nice-ffi (0.4)
      ffi (>= 0.5.0)
    nio4r (1.0.0)
    nokogiri (1.6.1)
      mini_portile (~> 0.5.0)
    predicated (0.2.6)
    pry (0.9.12.6)
      coderay (~> 1.0)
      method_source (~> 0.8)
      slop (~> 3.4)
    rack (1.5.2)
    rake (10.1.1)
    rb-fchange (0.0.6)
      ffi
    rb-fsevent (0.9.4)
    rb-inotify (0.9.3)
      ffi (>= 0.5.0)
    redcarpet (3.1.1)
    ruby-sdl-ffi (0.4)
      nice-ffi (>= 0.2)
    ruby2ruby (2.0.7)
      ruby_parser (~> 3.1)
      sexp_processor (~> 4.0)
    ruby_parser (3.4.1)
      sexp_processor (~> 4.1)
    rubygame (2.6.4)
      rake (>= 0.7.0)
      ruby-sdl-ffi (>= 0.1.0)
    serialport (1.3.0)
    sexp_processor (4.4.1)
    slop (3.4.7)
    thor (0.18.1)
    timers (1.1.0)
    wrong (0.7.1)
      diff-lcs (~> 1.2.5)
      predicated (~> 0.2.6)
      ruby2ruby (>= 2.0.1)
      ruby_parser (>= 3.0.1)
      sexp_processor (>= 4.0)
    yard (0.8.7.3)

PLATFORMS
  ruby

DEPENDENCIES
  ffi (~> 1.1)
  ffi-opengl!
  guard
  guard-shell
  libnotify
  listen
  nokogiri
  pry
  rack (~> 1.1)
  rake
  rb-fchange
  rb-fsevent
  rb-inotify (~> 0.9)
  redcarpet
  rubygame
  serialport (~> 1.1)
  wrong (~> 0.7.0)
  yard
